GEM
  remote: https://rubygems.org/
  specs:
    bson (1.10.0)
    bson_ext (1.10.0)
      bson (~> 1.10.0)
    json (1.7.7)
    mime-types (2.2)
    mongo (1.10.0)
      bson (~> 1.10.0)
    rack (1.5.2)
    rack-protection (1.5.3)
      rack
    rest-client (1.6.7)
      mime-types (>= 1.16)
    sinatra (1.4.5)
      rack (~> 1.4)
      rack-protection (~> 1.4)
      tilt (~> 1.3, >= 1.3.4)
    tilt (1.4.1)

PLATFORMS
  ruby

DEPENDENCIES
  bson_ext
  json
  mongo
  rest-client
  sinatra
